PATH
  remote: .
  specs:
    macrodeck-platform (1.0.0)
      couchrest (~> 1.0.1)
      couchrest_extended_document (~> 1.0.0)

GEM
  specs:
    activesupport (3.2.8)
      i18n (~> 0.6)
      multi_json (~> 1.0)
    builder (3.0.0)
    couchrest (1.0.1)
      json (>= 1.4.6)
      mime-types (>= 1.15)
      rest-client (>= 1.5.1)
    couchrest_extended_document (1.0.0)
      activesupport (>= 2.3.0)
      builder (>= 2.1.2)
      couchrest (>= 1.0.0)
      mime-types (>= 1.15)
    i18n (0.6.0)
    json (1.7.5)
    mime-types (1.19)
    multi_json (1.5.0)
    rake (0.9.2.2)
    rest-client (1.6.7)
      mime-types (>= 1.16)

PLATFORMS
  ruby

DEPENDENCIES
  macrodeck-platform!
  rake
